GEM
  remote: https://rubygems.org/
  specs:
    builder (3.2.2)
    childprocess (0.5.5)
      ffi (~> 1.0, >= 1.0.11)
    commonwatir (4.0.0)
    cucumber (1.3.15)
      builder (>= 2.1.2)
      diff-lcs (>= 1.1.3)
      gherkin (~> 2.12)
      multi_json (>= 1.7.5, < 2.0)
      multi_test (>= 0.1.1)
    data_magic (0.20)
      faker (>= 1.1.2)
      yml_reader (>= 0.4)
    diff-lcs (1.2.5)
    docile (1.1.5)
    faker (1.4.3)
      i18n (~> 0.5)
    ffi (1.9.5)
    gherkin (2.12.2)
      multi_json (~> 1.3)
    i18n (0.6.11)
    jar_wrapper (0.1.8)
      zip
    multi_json (1.10.1)
    multi_test (0.1.1)
    page-object (1.0.2)
      page_navigation (>= 0.9)
      selenium-webdriver (>= 2.42.0)
      watir-webdriver (>= 0.6.9)
    page_navigation (0.9)
      data_magic (>= 0.14)
    rspec (3.0.0)
      rspec-core (~> 3.0.0)
      rspec-expectations (~> 3.0.0)
      rspec-mocks (~> 3.0.0)
    rspec-core (3.0.3)
      rspec-support (~> 3.0.0)
    rspec-expectations (3.0.2)
      diff-lcs (>= 1.2.0, < 2.0)
      rspec-support (~> 3.0.0)
    rspec-mocks (3.0.2)
      rspec-support (~> 3.0.0)
    rspec-support (3.0.2)
    rubyzip (1.1.6)
    selenium (0.2.11)
      jar_wrapper
    selenium-webdriver (2.42.0)
      childprocess (>= 0.5.0)
      multi_json (~> 1.0)
      rubyzip (~> 1.0)
      websocket (~> 1.0.4)
    simplecov (0.9.1)
      docile (~> 1.1.0)
      multi_json (~> 1.0)
      simplecov-html (~> 0.8.0)
    simplecov-html (0.8.0)
    watir (5.0.0)
      commonwatir (~> 4)
      watir-webdriver
    watir-webdriver (0.6.10)
      selenium-webdriver (>= 2.18.0)
    watir-webdriver-performance (0.2.4)
      watir-webdriver
      watir-webdriver
    websocket (1.0.7)
    yml_reader (0.4)
    zip (2.0.2)

PLATFORMS
  ruby

DEPENDENCIES
  cucumber (= 1.3.15)
  page-object (= 1.0.2)
  rspec (= 3.0.0)
  rspec-core (= 3.0.3)
  rspec-expectations (= 3.0.2)
  rspec-mocks (= 3.0.2)
  rspec-support (= 3.0.2)
  selenium (= 0.2.11)
  selenium-webdriver (= 2.42.0)
  simplecov (= 0.9.1)
  watir (= 5.0.0)
  watir-webdriver (= 0.6.10)
  watir-webdriver-performance (= 0.2.4)
